GEM
  specs:
    ast (2.4.1)
    parallel (1.19.1)
    parser (2.7.2.0)
      ast (~> 2.4.1)
    rainbow (3.0.0)
    regexp_parser (2.0.3)
    rexml (3.2.2)
    rubocop (1.7.0)
      parallel (~> 1.10)
      parser (>= 2.7.1.5)
      rainbow (>= 2.2.2, < 4.0)
      regexp_parser (>= 1.8, < 3.0)
      rexml
      rubocop-ast (>= 1.2.0, < 2.0)
      ruby-progressbar (~> 1.7)
      unicode-display_width (>= 1.4.0, < 2.0)
    rubocop-ast (1.4.0)
      parser (>= 2.7.1.5)
    ruby-progressbar (1.10.1)
    sorbet (0.5.5175)
      sorbet-static (= 0.5.5175)
    sorbet-runtime (0.5.5988)
    sorbet-static (0.5.5175-universal-darwin-19)
    unicode-display_width (1.6.1)

PLATFORMS
  ruby

DEPENDENCIES
  rubocop
  sorbet
  sorbet-runtime

BUNDLED WITH
   2.1.2
